PATH
  remote: .
  specs:
    rosh (0.1.0)
      awesome_print
      colorize
      drama_queen (~> 0.1.0)
      highline
      log_switch (~> 1.0.0)
      net-scp
      net-ssh
      plist
      simple_states (~> 1.0.0)
      sys-proctable

PATH
  remote: ../log_switch
  specs:
    log_switch (1.0.0)

GEM
  remote: https://rubygems.org/
  specs:
    activesupport (4.1.7)
      i18n (~> 0.6, >= 0.6.9)
      json (~> 1.7, >= 1.7.7)
      minitest (~> 5.1)
      thread_safe (~> 0.1)
      tzinfo (~> 1.1)
    awesome_print (1.2.0)
    celluloid (0.15.2)
      timers (~> 1.1.0)
    coderay (1.1.0)
    colorize (0.6.0)
    diff-lcs (1.2.5)
    docile (1.1.1)
    drama_queen (0.1.0)
    ffi (1.9.3)
    formatador (0.2.4)
    guard (2.2.5)
      formatador (>= 0.2.4)
      listen (~> 2.1)
      lumberjack (~> 1.0)
      pry (>= 0.9.12)
      thor (>= 0.18.1)
    guard-rspec (4.2.0)
      guard (>= 2.1.1)
      rspec (>= 2.14, < 4.0)
    guard-yard (2.1.0)
      guard (>= 1.1.0)
      yard (>= 0.7.0)
    hashr (0.0.22)
    highline (1.6.21)
    i18n (0.6.11)
    json (1.8.1)
    listen (2.4.0)
      celluloid (>= 0.15.2)
      rb-fsevent (>= 0.9.3)
      rb-inotify (>= 0.9)
    lumberjack (1.0.4)
    memfs (0.1.0)
    method_source (0.8.2)
    minitest (5.4.3)
    multi_json (1.8.2)
    net-scp (1.1.2)
      net-ssh (>= 2.6.5)
    net-ssh (2.7.0)
    plist (3.1.0)
    pry (0.9.12.4)
      coderay (~> 1.0)
      method_source (~> 0.8)
      slop (~> 3.4)
    rb-fsevent (0.9.3)
    rb-inotify (0.9.3)
      ffi (>= 0.5.0)
    rspec (2.14.1)
      rspec-core (~> 2.14.0)
      rspec-expectations (~> 2.14.0)
      rspec-mocks (~> 2.14.0)
    rspec-core (2.14.7)
    rspec-expectations (2.14.4)
      diff-lcs (>= 1.1.3, < 2.0)
    rspec-mocks (2.14.4)
    simple_states (1.0.0)
      activesupport
      hashr (~> 0.0.10)
    simplecov (0.8.2)
      docile (~> 1.1.0)
      multi_json
      simplecov-html (~> 0.8.0)
    simplecov-html (0.8.0)
    slop (3.4.7)
    sys-proctable (0.9.3)
    terminal-notifier-guard (1.5.3)
    thor (0.18.1)
    thread_safe (0.3.4)
    timers (1.1.0)
    tzinfo (1.2.2)
      thread_safe (~> 0.1)
    yard (0.8.7.3)

PLATFORMS
  ruby

DEPENDENCIES
  bundler (>= 1.0.1)
  guard-rspec
  guard-yard
  log_switch!
  memfs
  rosh!
  rspec (>= 2.12.0)
  simplecov
  terminal-notifier-guard
  yard (>= 0.7.2)
