PATH
  remote: .
  specs:
    rosh (0.1.0)
      awesome_print
      colorize
      highline
      log_switch
      plist
      sys-proctable

GEM
  remote: https://rubygems.org/
  specs:
    archive-tar-minitar (0.5.2)
    aruba (0.5.2)
      childprocess (~> 0.3.6)
      cucumber (>= 1.1.1)
      rspec-expectations (>= 2.7.0)
    awesome_print (1.1.0)
    builder (3.2.0)
    childprocess (0.3.9)
      ffi (~> 1.0, >= 1.0.11)
    colorize (0.5.8)
    cucumber (1.3.1)
      builder (>= 2.1.2)
      diff-lcs (>= 1.1.3)
      gherkin (~> 2.12.0)
      multi_json (~> 1.3)
    diff-lcs (1.2.4)
    erubis (2.7.0)
    fakefs (0.4.2)
    ffi (1.8.1)
    gherkin (2.12.0)
      multi_json (~> 1.3)
    highline (1.6.18)
    i18n (0.6.4)
    json (1.7.7)
    log4r (1.1.10)
    log_switch (0.4.0)
    multi_json (1.7.2)
    net-scp (1.0.4)
      net-ssh (>= 1.99.1)
    net-ssh (2.2.2)
    plist (3.1.0)
    rake (10.0.4)
    rspec (2.13.0)
      rspec-core (~> 2.13.0)
      rspec-expectations (~> 2.13.0)
      rspec-mocks (~> 2.13.0)
    rspec-core (2.13.1)
    rspec-expectations (2.13.0)
      diff-lcs (>= 1.1.3, < 2.0)
    rspec-mocks (2.13.1)
    simplecov (0.7.1)
      multi_json (~> 1.0)
      simplecov-html (~> 0.7.1)
    simplecov-html (0.7.1)
    sys-proctable (0.9.3)
    vagrant (1.0.7)
      archive-tar-minitar (= 0.5.2)
      childprocess (~> 0.3.1)
      erubis (~> 2.7.0)
      i18n (~> 0.6.0)
      json (>= 1.5.1, < 1.8.0)
      log4r (~> 1.1.9)
      net-scp (~> 1.0.4)
      net-ssh (~> 2.2.2)
    yard (0.8.6.1)

PLATFORMS
  ruby

DEPENDENCIES
  aruba
  bundler (>= 1.0.1)
  cucumber
  fakefs
  rake
  rosh!
  rspec (>= 2.12.0)
  simplecov
  vagrant
  yard (>= 0.7.2)
