PATH
  remote: .
  specs:
    rosh (0.1.0)
      awesome_print
      colorize
      highline
      log_switch
      net-scp
      net-ssh
      plist
      sys-proctable

GEM
  remote: https://rubygems.org/
  specs:
    aruba (0.5.3)
      childprocess (>= 0.3.6)
      cucumber (>= 1.1.1)
      rspec-expectations (>= 2.7.0)
    awesome_print (1.1.0)
    builder (3.2.2)
    childprocess (0.3.9)
      ffi (~> 1.0, >= 1.0.11)
    colorize (0.5.8)
    cucumber (1.3.5)
      builder (>= 2.1.2)
      diff-lcs (>= 1.1.3)
      gherkin (~> 2.12.0)
      multi_json (~> 1.7.5)
      multi_test (>= 0.0.2)
    diff-lcs (1.2.4)
    fakefs (0.4.2)
    ffi (1.9.0)
    gherkin (2.12.0)
      multi_json (~> 1.3)
    highline (1.6.19)
    log_switch (0.4.0)
    multi_json (1.7.7)
    multi_test (0.0.2)
    net-scp (1.1.2)
      net-ssh (>= 2.6.5)
    net-ssh (2.6.8)
    plist (3.1.0)
    rake (10.1.0)
    rspec (2.14.1)
      rspec-core (~> 2.14.0)
      rspec-expectations (~> 2.14.0)
      rspec-mocks (~> 2.14.0)
    rspec-core (2.14.4)
    rspec-expectations (2.14.0)
      diff-lcs (>= 1.1.3, < 2.0)
    rspec-mocks (2.14.1)
    simplecov (0.7.1)
      multi_json (~> 1.0)
      simplecov-html (~> 0.7.1)
    simplecov-html (0.7.1)
    sys-proctable (0.9.3)
    yard (0.8.7)

PLATFORMS
  ruby

DEPENDENCIES
  aruba
  bundler (>= 1.0.1)
  cucumber
  fakefs
  rake
  rosh!
  rspec (>= 2.12.0)
  simplecov
  yard (>= 0.7.2)
