PATH
  remote: .
  specs:
    rosh (0.1.0)
      colorize
      log_switch

GEM
  remote: http://rubygems.org/
  specs:
    colorize (0.5.8)
    diff-lcs (1.2.1)
    log_switch (0.4.0)
    multi_json (1.7.2)
    rake (10.0.3)
    rspec (2.13.0)
      rspec-core (~> 2.13.0)
      rspec-expectations (~> 2.13.0)
      rspec-mocks (~> 2.13.0)
    rspec-core (2.13.1)
    rspec-expectations (2.13.0)
      diff-lcs (>= 1.1.3, < 2.0)
    rspec-mocks (2.13.0)
    simplecov (0.7.1)
      multi_json (~> 1.0)
      simplecov-html (~> 0.7.1)
    simplecov-html (0.7.1)
    yard (0.8.5.2)

PLATFORMS
  ruby

DEPENDENCIES
  bundler (>= 1.0.1)
  rake
  rosh!
  rspec (>= 2.12.0)
  simplecov
  yard (>= 0.7.2)
